NUGET
  remote: https://api.nuget.org/v3/index.json
    Antlr (3.4.1.9004) - restriction: >= net471
    bootstrap (3.0) - restriction: >= net471
      jQuery (>= 1.9)
    jQuery (1.10.2) - restriction: >= net471
    jQuery.Validation (1.11.1) - restriction: >= net471
      jQuery (>= 1.4.4)
    Microsoft.ApplicationInsights (2.2) - restriction: >= net471
    Microsoft.ApplicationInsights.Agent.Intercept (2.0.6) - restriction: >= net471
    Microsoft.ApplicationInsights.DependencyCollector (2.2) - restriction: >= net471
      Microsoft.ApplicationInsights (2.2) - restriction: >= net40
      Microsoft.ApplicationInsights.Agent.Intercept (>= 2.0.6) - restriction: >= net40
    Microsoft.ApplicationInsights.PerfCounterCollector (2.2) - restriction: >= net471
      Microsoft.ApplicationInsights (2.2) - restriction: >= net45
    Microsoft.ApplicationInsights.Web (2.2) - restriction: >= net471
      Microsoft.ApplicationInsights (2.2) - restriction: >= net40
      Microsoft.ApplicationInsights.WindowsServer (>= 2.2) - restriction: >= net40
    Microsoft.ApplicationInsights.WindowsServer (2.2) - restriction: >= net471
      Microsoft.ApplicationInsights (2.2) - restriction: >= net40
      Microsoft.ApplicationInsights.DependencyCollector (>= 2.2) - restriction: >= net40
      Microsoft.ApplicationInsights.PerfCounterCollector (>= 2.2) - restriction: >= net40
      Microsoft.ApplicationInsights.WindowsServer.TelemetryChannel (2.2) - restriction: >= net40
    Microsoft.ApplicationInsights.WindowsServer.TelemetryChannel (2.2) - restriction: >= net471
      Microsoft.ApplicationInsights (2.2) - restriction: >= net40
    Microsoft.AspNet.Mvc (5.2.3) - restriction: >= net471
      Microsoft.AspNet.Razor (>= 3.2.3 < 3.3)
      Microsoft.AspNet.WebPages (>= 3.2.3 < 3.3)
    Microsoft.AspNet.Razor (3.2.3) - restriction: >= net471
    Microsoft.AspNet.Web.Optimization (1.1.3) - restriction: >= net471
      Microsoft.Web.Infrastructure (>= 1.0)
      WebGrease (>= 1.5.2)
    Microsoft.AspNet.WebPages (3.2.3) - restriction: >= net471
      Microsoft.AspNet.Razor (>= 3.2.3 < 3.3)
      Microsoft.Web.Infrastructure (>= 1.0)
    Microsoft.CodeDom.Providers.DotNetCompilerPlatform (1.0.8) - restriction: >= net471
      Microsoft.Net.Compilers (>= 2.4) - restriction: >= net46
    Microsoft.jQuery.Unobtrusive.Validation (3.2.3) - restriction: >= net471
      jQuery (>= 1.8)
      jQuery.Validation (>= 1.8.0.1)
    Microsoft.Net.Compilers (2.4) - restriction: >= net471
    Microsoft.Web.Infrastructure (1.0) - restriction: >= net471
    Modernizr (2.6.2) - restriction: >= net471
    Newtonsoft.Json (6.0.4) - restriction: >= net471
    Respond (1.2) - restriction: >= net471
    WebGrease (1.5.2) - restriction: >= net471
      Antlr (>= 3.4.1.9004)
      Newtonsoft.Json (>= 5.0.4)
