NUGET
  remote: https://api.nuget.org/v3/index.json
    Antlr (3.5.0.2) - restriction: >= net471
    bootstrap (3.0) - restriction: >= net471
      jquery (>= 1.9)
    jquery (3.3.1) - restriction: >= net471
    Microsoft.AspNet.Mvc (5.2.3) - restriction: >= net471
      Microsoft.AspNet.Razor (>= 3.2.3 < 3.3)
      Microsoft.AspNet.WebPages (>= 3.2.3 < 3.3)
    Microsoft.AspNet.Razor (3.2.4) - restriction: >= net471
    Microsoft.AspNet.Web.Optimization (1.1.3) - restriction: >= net471
      Microsoft.Web.Infrastructure (>= 1.0)
      WebGrease (>= 1.5.2)
    Microsoft.AspNet.WebPages (3.2.4) - restriction: >= net471
      Microsoft.AspNet.Razor (>= 3.2.4 < 3.3)
      Microsoft.Web.Infrastructure (>= 1.0)
    Microsoft.CodeDom.Providers.DotNetCompilerPlatform (1.0.8) - restriction: >= net471
      Microsoft.Net.Compilers (>= 2.4) - restriction: >= net46
    Microsoft.Net.Compilers (2.7) - restriction: >= net471
    Microsoft.Web.Infrastructure (1.0) - restriction: >= net471
    Newtonsoft.Json (11.0.2) - restriction: >= net471
    Respond (1.2) - restriction: >= net471
    WebGrease (1.6) - restriction: >= net471
      Antlr (>= 3.4.1.9004)
      Newtonsoft.Json (>= 5.0.4)
