NUGET
  remote: https://api.nuget.org/v3/index.json
    bootstrap (3.0) - restriction: >= net471
      jquery (>= 1.9)
    jquery (3.3.1) - restriction: >= net471
    Microsoft.AspNet.Mvc (5.2.3) - restriction: >= net471
      Microsoft.AspNet.Razor (>= 3.2.3 < 3.3)
      Microsoft.AspNet.WebPages (>= 3.2.3 < 3.3)
    Microsoft.AspNet.Razor (3.2.4) - restriction: >= net471
    Microsoft.AspNet.WebPages (3.2.4) - restriction: >= net471
      Microsoft.AspNet.Razor (>= 3.2.4 < 3.3)
      Microsoft.Web.Infrastructure (>= 1.0)
    Microsoft.CodeDom.Providers.DotNetCompilerPlatform (1.0.8) - restriction: >= net471
      Microsoft.Net.Compilers (>= 2.4) - restriction: >= net46
    Microsoft.Net.Compilers (2.7) - restriction: >= net471
    Microsoft.Web.Infrastructure (1.0) - restriction: >= net471
    Respond (1.2) - restriction: >= net471
